PATH
  remote: .
  specs:
    emque-consuming (0.0.1)
      celluloid
      dante
      poseidon
      poseidon_cluster
      thor

GEM
  remote: https://rubygems.org/
  specs:
    celluloid (0.16.0)
      timers (~> 4.0.0)
    coderay (1.1.0)
    daemon_controller (1.2.0)
    dante (0.2.0)
    diff-lcs (1.2.5)
    hitimes (1.2.2)
    little-plugger (1.1.3)
    logging (1.8.2)
      little-plugger (>= 1.1.3)
      multi_json (>= 1.8.4)
    method_source (0.8.2)
    multi_json (1.10.1)
    poseidon (0.0.4)
    poseidon_cluster (0.1.1)
      poseidon
      zk
    pry (0.10.1)
      coderay (~> 1.1.0)
      method_source (~> 0.8.1)
      slop (~> 3.4)
    rake (10.3.2)
    rspec (3.1.0)
      rspec-core (~> 3.1.0)
      rspec-expectations (~> 3.1.0)
      rspec-mocks (~> 3.1.0)
    rspec-core (3.1.3)
      rspec-support (~> 3.1.0)
    rspec-expectations (3.1.1)
      diff-lcs (>= 1.2.0, < 2.0)
      rspec-support (~> 3.1.0)
    rspec-mocks (3.1.0)
      rspec-support (~> 3.1.0)
    rspec-support (3.1.0)
    slop (3.6.0)
    thor (0.19.1)
    timers (4.0.1)
      hitimes
    zk (1.9.4)
      logging (~> 1.8.2)
      zookeeper (~> 1.4.0)
    zookeeper (1.4.9)

PLATFORMS
  ruby

DEPENDENCIES
  bundler (~> 1.5)
  daemon_controller
  emque-consuming!
  pry
  rake
  rspec
