PATH
  remote: .
  specs:
    emque-consuming (0.0.1)
      activesupport (~> 4.1)
      celluloid (= 0.15.2)
      dante (~> 0.2.0)
      oj (~> 2.10.2)
      puma
      thor (~> 0.19.1)
      virtus (~> 1.0.3)

GEM
  remote: https://rubygems.org/
  specs:
    activesupport (4.1.7)
      i18n (~> 0.6, >= 0.6.9)
      json (~> 1.7, >= 1.7.7)
      minitest (~> 5.1)
      thread_safe (~> 0.1)
      tzinfo (~> 1.1)
    amq-protocol (1.9.2)
    axiom-types (0.1.1)
      descendants_tracker (~> 0.0.4)
      ice_nine (~> 0.11.0)
      thread_safe (~> 0.3, >= 0.3.1)
    bunny (1.4.1)
      amq-protocol (>= 1.9.2)
    celluloid (0.15.2)
      timers (~> 1.1.0)
    coderay (1.1.0)
    coercible (1.0.0)
      descendants_tracker (~> 0.0.1)
    daemon_controller (1.2.0)
    dante (0.2.0)
    descendants_tracker (0.0.4)
      thread_safe (~> 0.3, >= 0.3.1)
    diff-lcs (1.2.5)
    equalizer (0.0.9)
    i18n (0.6.11)
    ice_nine (0.11.0)
    json (1.8.1)
    little-plugger (1.1.3)
    logging (1.8.2)
      little-plugger (>= 1.1.3)
      multi_json (>= 1.8.4)
    method_source (0.8.2)
    minitest (5.4.2)
    multi_json (1.10.1)
    oj (2.10.4)
    poseidon (0.0.4)
    poseidon_cluster (0.1.1)
      poseidon
      zk
    pry (0.10.1)
      coderay (~> 1.1.0)
      method_source (~> 0.8.1)
      slop (~> 3.4)
    puma (2.9.2)
      rack (>= 1.1, < 2.0)
    rack (1.5.2)
    rake (10.3.2)
    rspec (3.1.0)
      rspec-core (~> 3.1.0)
      rspec-expectations (~> 3.1.0)
      rspec-mocks (~> 3.1.0)
    rspec-core (3.1.4)
      rspec-support (~> 3.1.0)
    rspec-expectations (3.1.2)
      diff-lcs (>= 1.2.0, < 2.0)
      rspec-support (~> 3.1.0)
    rspec-mocks (3.1.2)
      rspec-support (~> 3.1.0)
    rspec-support (3.1.1)
    slop (3.6.0)
    thor (0.19.1)
    thread_safe (0.3.4)
    timecop (0.7.1)
    timers (1.1.0)
    tzinfo (1.2.2)
      thread_safe (~> 0.1)
    virtus (1.0.3)
      axiom-types (~> 0.1)
      coercible (~> 1.0)
      descendants_tracker (~> 0.0, >= 0.0.3)
      equalizer (~> 0.0, >= 0.0.9)
    zk (1.9.4)
      logging (~> 1.8.2)
      zookeeper (~> 1.4.0)
    zookeeper (1.4.9)

PLATFORMS
  ruby

DEPENDENCIES
  bundler (~> 1.5)
  bunny (~> 1.4.1)
  daemon_controller
  emque-consuming!
  poseidon (= 0.0.4)
  poseidon_cluster (~> 0.1.1)
  pry
  rake
  rspec (~> 3.1)
  timecop (~> 0.7.1)
